GIT
  remote: https://github.com/Xalgorithms/xa-rules.git
  revision: b1721c39296836dd70602b8f963482a1b6dc3e9b
  specs:
    xa-rules (0.4.0)
      parslet

GIT
  remote: https://github.com/Xalgorithms/xa-ubl.git
  revision: 23f1dcf31be4877cc7e9f32f8f882fd9f85f3dda
  specs:
    xa-ubl (0.0.9)
      activesupport
      nokogiri

GIT
  remote: https://github.com/karfai/radish.git
  revision: 93c25a62dc1f8337b3a583dc11c85c158ae8d18b
  specs:
    radish (0.1.0)
      multi_json

GEM
  remote: https://rubygems.org/
  specs:
    activesupport (6.0.2.2)
      concurrent-ruby (~> 1.0, >= 1.0.2)
      i18n (>= 0.7, < 2)
      minitest (~> 5.1)
      tzinfo (~> 1.1)
      zeitwerk (~> 2.2)
    bson (4.8.2)
    cassandra-driver (3.2.4)
      ione (~> 1.2)
    coderay (1.1.2)
    concurrent-ruby (1.1.6)
    digest-crc (0.5.1)
    eventmachine (1.2.7)
    faker (2.11.0)
      i18n (>= 1.6, < 2)
    faraday (1.0.1)
      multipart-post (>= 1.2, < 3)
    faraday_middleware (1.0.0)
      faraday (~> 1.0)
    faye-websocket (0.10.9)
      eventmachine (>= 0.12.0)
      websocket-driver (>= 0.5.1)
    i18n (1.8.2)
      concurrent-ruby (~> 1.0)
    ione (1.2.4)
    method_source (1.0.0)
    mini_portile2 (2.8.0)
    minitest (5.14.0)
    mongo (2.11.4)
      bson (>= 4.4.2, < 5.0.0)
    multi_json (1.14.1)
    multipart-post (2.1.1)
    nokogiri (1.13.3)
      mini_portile2 (~> 2.8.0)
      racc (~> 1.4)
    parslet (2.0.0)
    pry (0.13.0)
      coderay (~> 1.1)
      method_source (~> 1.0)
    racc (1.6.0)
    rainbow (3.0.0)
    ruby-kafka (1.0.0)
      digest-crc
    terminal-table (1.8.0)
      unicode-display_width (~> 1.1, >= 1.1.1)
    thor (1.0.1)
    thread_safe (0.3.6)
    tzinfo (1.2.7)
      thread_safe (~> 0.1)
    unicode-display_width (1.7.0)
    websocket-driver (0.7.1)
      websocket-extensions (>= 0.1.0)
    websocket-extensions (0.1.4)
    zeitwerk (2.3.0)

PLATFORMS
  ruby

DEPENDENCIES
  activesupport
  cassandra-driver
  faker
  faraday
  faraday_middleware
  faye-websocket
  mongo
  multi_json
  pry
  radish!
  rainbow
  ruby-kafka
  terminal-table
  thor
  xa-rules!
  xa-ubl!

BUNDLED WITH
   2.1.4
